GIT
  remote: git://github.com/cloudfoundry/bosh.git
  revision: d2058f1b0e4fa9104a284dc05042465e96d4e899
  specs:
    agent_client (0.1.1)
      httpclient
      yajl-ruby
    bosh_agent (0.7.0)
      blobstore_client
      bosh_common
      bosh_encryption
      highline
      monit_api
      nats (~> 0.4.28)
      netaddr
      posix-spawn
      ruby-atmos-pure
      sigar (>= 0.7.2)
      sinatra (~> 1.2.8)
      thin
      uuidtools
      yajl-ruby
    bosh_encryption (0.0.4)
      gibberish (~> 1.2.0)
      uuidtools (~> 2.1.2)
      yajl-ruby
    monit_api (1.0.2)
      crack

GIT
  remote: git://github.com/pivotal/lobot.git
  revision: 927bca39678be387237e7434bd89242d98b7c8a1
  submodules: true
  specs:
    lobot (2.0.1.pre)
      ci_reporter (~> 1.7)
      fog (~> 1.6)
      hashie
      httpclient
      net-ssh
      thor

GEM
  remote: http://rubygems.org/
  specs:
    aws-s3 (0.6.3)
      builder
      mime-types
      xml-simple
    blobstore_client (0.3.13)
      aws-s3 (~> 0.6.2)
      httpclient (>= 2.2)
      multi_json (~> 1.1.0)
      ruby-atmos-pure (~> 1.0.5)
      uuidtools (~> 2.1.2)
    bosh_common (0.5.4)
    builder (3.1.4)
    childprocess (0.3.7)
      ffi (~> 1.0, >= 1.0.6)
    ci_reporter (1.8.3)
      builder (>= 2.1.2)
    coffee-script (2.2.0)
      coffee-script-source
      execjs
    coffee-script-source (1.4.0)
    crack (0.3.2)
    daemons (1.1.9)
    diff-lcs (1.1.3)
    eventmachine (0.12.10)
    excon (0.16.10)
    execjs (1.4.0)
      multi_json (~> 1.0)
    fakeweb (1.3.0)
    ffi (1.3.1)
    fog (1.9.0)
      builder
      excon (~> 0.14)
      formatador (~> 0.2.0)
      mime-types
      multi_json (~> 1.0)
      net-scp (~> 1.0.4)
      net-ssh (>= 2.1.3)
      nokogiri (~> 1.5.0)
      ruby-hmac
    formatador (0.2.4)
    gibberish (1.2.0)
    hashie (1.2.0)
    highline (1.6.15)
    hike (1.2.1)
    httpclient (2.3.2)
    jasmine (1.3.0)
      jasmine-core (>= 1.3.0)
      rack (~> 1.0)
      rspec (>= 1.3.1)
      selenium-webdriver (>= 0.1.3)
    jasmine-core (1.3.1)
    json (1.7.6)
    json_pure (1.7.6)
    libv8 (3.11.8.13)
    log4r (1.1.10)
    mime-types (1.19)
    multi_json (1.1.0)
    nats (0.4.28)
      daemons (>= 1.1.5)
      eventmachine (= 0.12.10)
      json_pure (>= 1.7.3)
      thin (>= 1.4.1)
    net-scp (1.0.4)
      net-ssh (>= 1.99.1)
    net-ssh (2.6.3)
    netaddr (1.5.0)
    nokogiri (1.5.6)
    posix-spawn (0.3.6)
    progressbar (0.12.0)
    rack (1.5.0)
    rack-rewrite (1.3.3)
    rack-test (0.6.2)
      rack (>= 1.0)
    rake (10.0.3)
    rcov (1.0.0)
    ref (1.0.2)
    rest-client (1.6.7)
      mime-types (>= 1.16)
    rspec (2.12.0)
      rspec-core (~> 2.12.0)
      rspec-expectations (~> 2.12.0)
      rspec-mocks (~> 2.12.0)
    rspec-core (2.12.2)
    rspec-expectations (2.12.1)
      diff-lcs (~> 1.1.3)
    rspec-mocks (2.12.1)
    ruby-atmos-pure (1.0.5)
      log4r (>= 1.1.9)
      ruby-hmac (>= 0.4.0)
    ruby-graphviz (1.0.8)
    ruby-hmac (0.4.0)
    rubyzip (0.9.9)
    selenium-webdriver (2.29.0)
      childprocess (>= 0.2.5)
      multi_json (~> 1.0)
      rubyzip
      websocket (~> 1.0.4)
    shotgun (0.9)
      rack (>= 1.0)
    sigar (0.7.2)
    simplecov (0.7.1)
      multi_json (~> 1.0)
      simplecov-html (~> 0.7.1)
    simplecov-html (0.7.1)
    simplecov-rcov (0.2.3)
      simplecov (>= 0.4.1)
    sinatra (1.2.8)
      rack (~> 1.1)
      tilt (>= 1.2.2, < 2.0)
    sprockets (2.8.2)
      hike (~> 1.2)
      multi_json (~> 1.0)
      rack (~> 1.0)
      tilt (~> 1.1, != 1.3.0)
    statemachine (2.1.0)
    therubyracer (0.11.3)
      libv8 (~> 3.11.8.12)
      ref
    thin (1.5.0)
      daemons (>= 1.0.9)
      eventmachine (>= 0.12.6)
      rack (>= 1.0.0)
    thor (0.17.0)
    tilt (1.3.3)
    uglifier (1.3.0)
      execjs (>= 0.3.0)
      multi_json (~> 1.0, >= 1.0.2)
    uuidtools (2.1.3)
    websocket (1.0.6)
    xml-simple (1.1.2)
    yajl-ruby (1.1.0)

PLATFORMS
  ruby

DEPENDENCIES
  agent_client
  blobstore_client (~> 0.3.13)
  bosh_agent!
  bosh_common
  bosh_encryption!
  ci_reporter
  coffee-script
  execjs
  fakeweb
  highline
  jasmine (= 1.3.0)
  json
  lobot!
  monit_api!
  nats
  netaddr
  posix-spawn
  progressbar
  rack
  rack-rewrite
  rack-test
  rake
  rcov
  rest-client
  rspec (>= 2.12.0)
  ruby-atmos-pure
  ruby-graphviz
  shotgun
  sigar (>= 0.7.2)
  simplecov
  simplecov-rcov
  sinatra
  sprockets
  statemachine
  therubyracer
  thin
  uglifier
  uuidtools
  yajl-ruby
