GEM
  remote: http://rubygems.org/
  specs:
    aws-s3 (0.6.2)
      builder
      mime-types
      xml-simple
    blobstore_client (0.2.0)
      aws-s3
      httpclient
      uuidtools
    builder (3.0.0)
    daemons (1.1.0)
    eventmachine (0.12.10)
    highline (1.6.1)
    httpclient (2.1.6.1)
    mime-types (1.16)
    nats (0.3.12)
      daemons (>= 1.1.0)
      eventmachine (>= 0.12.10)
      yajl-ruby (>= 0.7.8)
    ncurses (0.9.1)
    netaddr (1.5.0)
    posix-spawn (0.3.3)
    rbcurse (1.1.5)
    rest-client (1.6.1)
      mime-types (>= 1.16)
    uuidtools (2.1.1)
    xml-simple (1.0.13)
    yajl-ruby (0.7.8)

PLATFORMS
  ruby

DEPENDENCIES
  blobstore_client (~> 0.2)
  highline
  nats
  ncurses
  netaddr
  posix-spawn
  rbcurse
  rest-client
  uuidtools
  yajl-ruby
