GEM
  remote: http://rubygems.org/
  specs:
    aws-s3 (0.6.2)
      builder
      mime-types
      xml-simple
    blobstore_client (0.2.0)
      aws-s3
      httpclient
      uuidtools
    builder (3.0.0)
    httpclient (2.1.6.1)
    mime-types (1.16)
    ncurses (0.9.1)
    rbcurse (1.1.5)
    uuidtools (2.1.1)
    xml-simple (1.0.13)
    yajl-ruby (0.7.8)

PLATFORMS
  ruby

DEPENDENCIES
  blobstore_client (~> 0.2)
  ncurses
  rbcurse
  yajl-ruby
