GEM
  remote: http://rubygems.org/
  specs:
    ncurses (0.9.1)
    rbcurse (1.1.5)

PLATFORMS
  ruby

DEPENDENCIES
  ncurses
  rbcurse
