GEM
  remote: http://rubygems.org/
  specs:
    SystemTimer (1.2.1)
    builder (3.0.0)
    ci_reporter (1.6.4)
      builder (>= 2.1.2)
    columnize (0.3.2)
    diff-lcs (1.1.2)
    linecache (0.43)
    rake (0.8.7)
    rcov (0.9.9)
    rcov_analyzer (0.2)
      builder
      rcov
    redis (2.1.1)
    rspec (2.3.0)
      rspec-core (~> 2.3.0)
      rspec-expectations (~> 2.3.0)
      rspec-mocks (~> 2.3.0)
    rspec-core (2.3.1)
    rspec-expectations (2.3.0)
      diff-lcs (~> 1.1.2)
    rspec-mocks (2.3.0)
    ruby-debug (0.10.4)
      columnize (>= 0.1)
      ruby-debug-base (~> 0.10.4.0)
    ruby-debug-base (0.10.4)
      linecache (>= 0.3)

PLATFORMS
  ruby

DEPENDENCIES
  SystemTimer
  ci_reporter
  rake
  rcov
  rcov_analyzer
  redis
  rspec
  ruby-debug
